GEM
  remote: https://rubygems.org/
  specs:
    bcrypt (3.1.12)
    bcrypt (3.1.12-x64-mingw32)
    mustermann (1.0.3)
    pg (1.1.3)
    pg (1.1.3-x64-mingw32)
    rack (2.0.5)
    rack-protection (2.0.4)
      rack
    sinatra (2.0.4)
      mustermann (~> 1.0)
      rack (~> 2.0)
      rack-protection (= 2.0.4)
      tilt (~> 2.0)
    sinatra-flash (0.3.0)
      sinatra (>= 1.0.0)
    tilt (2.0.8)

PLATFORMS
  ruby
  x64-mingw32

DEPENDENCIES
  bcrypt
  pg
  sinatra
  sinatra-flash

BUNDLED WITH
   1.16.6
